GEM
  remote: https://rubygems.org/
  specs:
    activesupport (4.1.1)
      i18n (~> 0.6, >= 0.6.9)
      json (~> 1.7, >= 1.7.7)
      minitest (~> 5.1)
      thread_safe (~> 0.1)
      tzinfo (~> 1.1)
    addressable (2.3.6)
    bibtex-ruby (2.3.4)
      latex-decode (>= 0.0.6)
      multi_json (~> 1.3)
    blankslate (2.1.2.4)
    buftok (0.2.0)
    chronic (0.10.2)
    citeproc-ruby (0.0.6)
      logging (~> 1.5)
      nokogiri (~> 1.5)
    classifier (1.3.4)
      fast-stemmer (>= 1.0.0)
    colorator (0.1)
    commander (4.1.6)
      highline (~> 1.6.11)
    curb (0.8.5)
    equalizer (0.0.9)
    faraday (0.9.0)
      multipart-post (>= 1.2, < 3)
    fast-stemmer (1.0.2)
    feedjira (1.2.0)
      curb (~> 0.8.1)
      loofah (~> 1.2.1)
      sax-machine (~> 0.2.1)
    ffi (1.9.3)
    garb (0.9.8)
      activesupport (>= 2.2)
      multi_json (>= 1.3)
    git (1.2.6)
    highline (1.6.21)
    hike (1.2.3)
    http (0.5.0)
      http_parser.rb
    http_parser.rb (0.6.0)
    i18n (0.6.9)
    jekyll (1.5.1)
      classifier (~> 1.3)
      colorator (~> 0.1)
      commander (~> 4.1.3)
      liquid (~> 2.5.5)
      listen (~> 1.3)
      maruku (= 0.7.0)
      pygments.rb (~> 0.5.0)
      redcarpet (~> 2.3.0)
      safe_yaml (~> 1.0)
      toml (~> 0.1.0)
    jekyll-assets (0.7.8)
      jekyll (>= 1.0.0, < 3.0.0)
      sass
      sprockets (~> 2.10)
    jekyll-pandoc (0.0.8)
      jekyll (>= 1.4.3)
      pandoc-ruby (~> 0.7.5)
    jekyll-scholar (2.0.0)
      bibtex-ruby (~> 2.3)
      citeproc-ruby (~> 0.0.6)
      jekyll (~> 1.0)
    json (1.8.1)
    latex-decode (0.1.1)
      unicode (~> 0.4)
    liquid (2.5.5)
    listen (1.3.1)
      rb-fsevent (>= 0.9.3)
      rb-inotify (>= 0.9)
      rb-kqueue (>= 0.2)
    little-plugger (1.1.3)
    logging (1.8.2)
      little-plugger (>= 1.1.3)
      multi_json (>= 1.8.4)
    loofah (1.2.1)
      nokogiri (>= 1.4.4)
    maruku (0.7.0)
    memoizable (0.4.2)
      thread_safe (~> 0.3, >= 0.3.1)
    mini_portile (0.5.3)
    minitest (5.3.3)
    multi_json (1.10.0)
    multipart-post (2.0.0)
    naught (1.0.0)
    nokogiri (1.6.2)
      mini_portile (~> 0.5.2)
    octokit (2.7.2)
      sawyer (~> 0.5.2)
    pandoc-ruby (0.7.5)
    parslet (1.5.0)
      blankslate (~> 2.0)
    posix-spawn (0.3.8)
    psych (2.0.5)
    pygments.rb (0.5.4)
      posix-spawn (~> 0.3.6)
      yajl-ruby (~> 1.1.0)
    rack (1.5.2)
    rake (10.2.2)
    rb-fsevent (0.9.4)
    rb-inotify (0.9.4)
      ffi (>= 0.5.0)
    rb-kqueue (0.2.2)
      ffi (>= 0.5.0)
    redcarpet (2.3.0)
    safe_yaml (1.0.3)
    sass (3.3.7)
    sawyer (0.5.4)
      addressable (~> 2.3.5)
      faraday (~> 0.8, < 0.10)
    sax-machine (0.2.1)
      nokogiri (~> 1.6.0)
    simple_oauth (0.2.0)
    sprockets (2.12.1)
      hike (~> 1.2)
      multi_json (~> 1.0)
      rack (~> 1.0)
      tilt (~> 1.1, != 1.3.0)
    thread_safe (0.3.3)
    tilt (1.4.1)
    toml (0.1.1)
      parslet (~> 1.5.0)
    twitter (5.8.0)
      addressable (~> 2.3)
      buftok (~> 0.2.0)
      equalizer (~> 0.0.9)
      faraday (~> 0.9.0)
      http (~> 0.5.0)
      http_parser.rb (~> 0.6.0)
      json (~> 1.8)
      memoizable (~> 0.4.0)
      naught (~> 1.0)
      simple_oauth (~> 0.2.0)
    tzinfo (1.1.0)
      thread_safe (~> 0.1)
    unicode (0.4.4.1)
    yajl-ruby (1.1.0)

PLATFORMS
  ruby

DEPENDENCIES
  chronic
  feedjira
  garb (~> 0.9.8)
  git
  jekyll (~> 1.5.0)
  jekyll-assets (~> 0.7.6)
  jekyll-pandoc (~> 0.0.1)
  jekyll-scholar (~> 2.0.0)
  json (~> 1.8)
  nokogiri
  octokit (~> 2.0)
  pandoc-ruby (~> 0.7.5)
  psych (~> 2.0.5)
  rake (~> 10.2.1)
  redcarpet
  twitter (~> 5.8.0)
